GEM
  remote: https://rubygems.org/
  specs:
    addressable (2.8.7)
      public_suffix (>= 2.0.2, < 7.0)
    ast (2.4.2)
    colorize (1.1.0)
    dotenv (3.1.4)
    faraday (2.12.0)
      faraday-net_http (>= 2.0, < 3.4)
      json
      logger
    faraday-net_http (3.3.0)
      net-http
    json (2.8.2)
    language_server-protocol (3.17.0.3)
    logger (1.6.1)
    net-http (0.4.1)
      uri
    octokit (9.2.0)
      faraday (>= 1, < 3)
      sawyer (~> 0.9)
    parallel (1.26.3)
    parser (3.3.6.0)
      ast (~> 2.4.1)
      racc
    public_suffix (5.1.1)
    racc (1.8.1)
    rainbow (3.1.1)
    regexp_parser (2.9.2)
    rubocop (1.68.0)
      json (~> 2.3)
      language_server-protocol (>= 3.17.0)
      parallel (~> 1.10)
      parser (>= 3.3.0.2)
      rainbow (>= 2.2.2, < 4.0)
      regexp_parser (>= 2.4, < 3.0)
      rubocop-ast (>= 1.32.2, < 2.0)
      ruby-progressbar (~> 1.7)
      unicode-display_width (>= 2.4.0, < 3.0)
    rubocop-ast (1.36.1)
      parser (>= 3.3.1.0)
    ruby-progressbar (1.13.0)
    sawyer (0.9.2)
      addressable (>= 2.3.5)
      faraday (>= 0.17.3, < 3)
    terminal-table (3.0.2)
      unicode-display_width (>= 1.1.1, < 3)
    thor (1.3.2)
    unicode-display_width (2.6.0)
    uri (0.13.1)

PLATFORMS
  arm64-darwin-21
  arm64-darwin-23
  x86_64-linux

DEPENDENCIES
  colorize
  dotenv
  faraday
  octokit
  rubocop
  terminal-table
  thor (~> 1.2)

BUNDLED WITH
   2.4.12
